GEM
  remote: https://rubygems.org/
  specs:
    rack (2.2.6.2)

PLATFORMS
  x86_64-linux

DEPENDENCIES
  rack

BUNDLED WITH
   2.2.15
